PATH
  remote: .
  specs:
    scim-query-filter-parser (0.0.3)

GEM
  remote: https://rubygems.org/
  specs:
    minitest (5.11.3)
    rake (12.3.0)

PLATFORMS
  ruby

DEPENDENCIES
  minitest
  rake
  scim-query-filter-parser!

BUNDLED WITH
   1.12.5
